GEM
  remote: http://rubygems.org/
  specs:
    activemodel (3.2.9)
      activesupport (= 3.2.9)
      builder (~> 3.0.0)
    activerecord (3.2.9)
      activemodel (= 3.2.9)
      activesupport (= 3.2.9)
      arel (~> 3.0.2)
      tzinfo (~> 0.3.29)
    activesupport (3.2.9)
      i18n (~> 0.6)
      multi_json (~> 1.0)
    addressable (2.3.2)
    archive-tar-minitar (0.5.2)
    arel (3.0.2)
    awesome_print (1.0.2)
    bountydeps (2012.11.1913)
      activerecord
      addressable
      curb
      expectation
      girl_friday
      neography
      oj
      pg
      rake
      remote_syslog_logger
      resque
      simple_cache_rs
      twitter
    builder (3.0.4)
    columnize (0.3.6)
    connection_pool (0.9.2)
    crack (0.3.1)
    curb (0.8.3)
    expectation (0.1.1)
    faraday (0.8.4)
      multipart-post (~> 1.1)
    girl_friday (0.11.1)
      connection_pool (~> 0.9.0)
      rubinius-actor
    httparty (0.9.0)
      multi_json (~> 1.0)
      multi_xml
    i18n (0.6.1)
    json (1.7.5)
    linecache19 (0.5.12)
      ruby_core_source (>= 0.1.4)
    metaclass (0.0.1)
    mocha (0.12.3)
      metaclass (~> 0.0.1)
    multi_json (1.3.7)
    multi_xml (0.5.1)
    multipart-post (1.1.5)
    neography (1.0.2)
      httparty (>= 0.8.1)
      json (>= 1.6.0)
      multi_json (>= 1.3.2)
      os (>= 0.9.6)
      rake (>= 0.8.7)
      rubyzip (>= 0.9.7)
    oj (1.4.4)
    os (0.9.6)
    pg (0.14.1)
    psych (1.3.4)
    rack (1.4.1)
    rack-protection (1.2.0)
      rack
    rake (10.0.1)
    redis (3.0.2)
    redis-namespace (1.2.1)
      redis (~> 3.0.0)
    remote_syslog_logger (1.0.3)
      syslog_protocol
    resque (1.23.0)
      multi_json (~> 1.0)
      redis-namespace (~> 1.0)
      sinatra (>= 0.9.2)
      vegas (~> 0.1.2)
    rubinius-actor (0.0.2)
      rubinius-core-api
    rubinius-core-api (0.0.1)
    ruby-debug-base19 (0.11.25)
      columnize (>= 0.3.1)
      linecache19 (>= 0.5.11)
      ruby_core_source (>= 0.1.4)
    ruby-debug19 (0.11.6)
      columnize (>= 0.3.1)
      linecache19 (>= 0.5.11)
      ruby-debug-base19 (>= 0.11.19)
    ruby_core_source (0.1.5)
      archive-tar-minitar (>= 0.5.2)
    rubyzip (0.9.9)
    simple_cache_rs (0.11.0)
      expectation
      redis
      redis-namespace
    simple_oauth (0.1.9)
    simplecov (0.6.4)
      multi_json (~> 1.0)
      simplecov-html (~> 0.5.3)
    simplecov-html (0.5.3)
    sinatra (1.3.3)
      rack (~> 1.3, >= 1.3.6)
      rack-protection (~> 1.2)
      tilt (~> 1.3, >= 1.3.3)
    syslog_protocol (0.9.2)
    test-unit (2.5.1)
    tilt (1.3.3)
    twitter (4.2.0)
      faraday (~> 0.8)
      multi_json (~> 1.3)
      simple_oauth (~> 0.1.6)
    tzinfo (0.3.35)
    vcr (2.2.4)
    vegas (0.1.11)
      rack (>= 1.0.0)
    webmock (1.8.7)
      addressable (>= 2.2.7)
      crack (>= 0.1.7)

PLATFORMS
  ruby

DEPENDENCIES
  awesome_print
  bountydeps
  mocha
  psych
  ruby-debug19
  simplecov
  test-unit
  vcr
  webmock
